GEM
  specs:
    envyable (1.2.0)
      thor (>= 0.18.1, < 2.0)
    thor (0.20.0)

PLATFORMS
  ruby

DEPENDENCIES
  envyable

BUNDLED WITH
   1.16.0.pre.2
